PATH
  remote: .
  specs:
    almodovar (0.9.8)
      activesupport
      builder
      i18n
      nokogiri
      patron
      yajl-ruby

GEM
  remote: https://rubygems.org/
  specs:
    activesupport (3.1.0)
      multi_json (~> 1.0)
    addressable (2.2.6)
    builder (3.2.2)
    columnize (0.3.6)
    crack (0.1.8)
    debugger (1.6.4)
      columnize (>= 0.3.1)
      debugger-linecache (~> 1.2.0)
      debugger-ruby_core_source (~> 1.3.0)
    debugger-linecache (1.2.0)
    debugger-ruby_core_source (1.3.0)
    diff-lcs (1.2.5)
    github-markdown (0.5.3)
    i18n (0.6.5)
    linecache (0.46)
      rbx-require-relative (> 0.0.4)
    lorax (0.2.0)
      nokogiri (>= 1.4.0)
    multi_json (1.0.3)
    nokogiri (1.5.0)
    patron (0.4.18)
    posix-spawn (0.3.6)
    pygments.rb (0.3.2)
      posix-spawn (~> 0.3.6)
      yajl-ruby (~> 1.1.0)
    rake (0.9.2)
    rbx-require-relative (0.0.9)
    rdoc (3.9.4)
    rspec (2.14.1)
      rspec-core (~> 2.14.0)
      rspec-expectations (~> 2.14.0)
      rspec-mocks (~> 2.14.0)
    rspec-core (2.14.7)
    rspec-expectations (2.14.4)
      diff-lcs (>= 1.1.3, < 2.0)
    rspec-mocks (2.14.4)
    ruby-debug (0.10.4)
      columnize (>= 0.1)
      ruby-debug-base (~> 0.10.4.0)
    ruby-debug-base (0.10.4)
      linecache (>= 0.3)
    webmock (1.7.6)
      addressable (~> 2.2, > 2.2.5)
      crack (>= 0.1.7)
    yajl-ruby (1.1.0)

PLATFORMS
  ruby

DEPENDENCIES
  activesupport (~> 3.1.0)
  almodovar!
  debugger
  github-markdown
  lorax
  pygments.rb
  rake
  rdoc
  rspec
  ruby-debug
  webmock
