PATH
  remote: .
  specs:
    almodovar (1.7.6)
      activesupport
      addressable (>= 2.3.6)
      builder
      httpclient (~> 2.5)
      i18n
      json
      nokogiri (~> 1.10.4)

GEM
  remote: https://rubygems.org/
  specs:
    activesupport (4.2.10)
      i18n (~> 0.7)
      minitest (~> 5.1)
      thread_safe (~> 0.3, >= 0.3.4)
      tzinfo (~> 1.1)
    addressable (2.6.0)
      public_suffix (>= 2.0.2, < 4.0)
    builder (3.2.3)
    crack (0.4.3)
      safe_yaml (~> 1.0.0)
    diff-lcs (1.3)
    hashdiff (1.0.0)
    httpclient (2.8.3)
    i18n (0.8.1)
    json (1.8.6)
    mini_portile2 (2.4.0)
    minitest (5.10.3)
    nokogiri (1.10.8)
      mini_portile2 (~> 2.4.0)
    public_suffix (3.1.1)
    rake (13.0.1)
    rdoc (4.1.1)
      json (~> 1.4)
    rspec (3.8.0)
      rspec-core (~> 3.8.0)
      rspec-expectations (~> 3.8.0)
      rspec-mocks (~> 3.8.0)
    rspec-core (3.8.0)
      rspec-support (~> 3.8.0)
    rspec-expectations (3.8.2)
      diff-lcs (>= 1.2.0, < 2.0)
      rspec-support (~> 3.8.0)
    rspec-mocks (3.8.0)
      diff-lcs (>= 1.2.0, < 2.0)
      rspec-support (~> 3.8.0)
    rspec-support (3.8.0)
    safe_yaml (1.0.5)
    thread_safe (0.3.6)
    tzinfo (1.2.4)
      thread_safe (~> 0.1)
    webmock (3.6.2)
      addressable (>= 2.3.6)
      crack (>= 0.3.2)
      hashdiff (>= 0.4.0, < 2.0.0)

PLATFORMS
  ruby

DEPENDENCIES
  activesupport (>= 3.1.0)
  almodovar!
  nokogiri (~> 1.10.8)
  rake
  rdoc
  rspec
  safe_yaml (>= 1.0.4)
  webmock

BUNDLED WITH
   1.17.3
