PATH
  remote: .
  specs:
    almodovar (1.0.0)
      activesupport
      builder
      httpclient
      i18n
      json
      nokogiri

GEM
  remote: https://rubygems.org/
  specs:
    activesupport (3.1.12)
      multi_json (~> 1.0)
    addressable (2.3.5)
    builder (3.2.2)
    crack (0.4.2)
      safe_yaml (~> 1.0.0)
    diff-lcs (1.2.5)
    httpclient (2.3.4.1)
    i18n (0.6.9)
    json (1.8.1)
    lorax (0.2.0)
      nokogiri (>= 1.4.0)
    multi_json (1.8.4)
    nokogiri (1.5.11)
    rake (10.1.1)
    rdoc (4.1.1)
      json (~> 1.4)
    rspec (2.14.1)
      rspec-core (~> 2.14.0)
      rspec-expectations (~> 2.14.0)
      rspec-mocks (~> 2.14.0)
    rspec-core (2.14.7)
    rspec-expectations (2.14.5)
      diff-lcs (>= 1.1.3, < 2.0)
    rspec-mocks (2.14.5)
    safe_yaml (1.0.1)
    webmock (1.17.2)
      addressable (>= 2.2.7)
      crack (>= 0.3.2)

PLATFORMS
  ruby

DEPENDENCIES
  activesupport (~> 3.1.0)
  almodovar!
  lorax
  nokogiri (~> 1.5.10)
  rake
  rdoc
  rspec
  webmock
