PATH
  remote: .
  specs:
    almodovar (0.9.7)
      activesupport
      builder
      i18n
      nokogiri

GEM
  remote: https://rubygems.org/
  specs:
    activesupport (3.1.0)
      multi_json (~> 1.0)
    addressable (2.3.5)
    archive-tar-minitar (0.5.2)
    builder (3.2.2)
    coderay (1.0.9)
    columnize (0.3.6)
    crack (0.4.1)
      safe_yaml (~> 0.9.0)
    daemons (1.1.9)
    diff-lcs (1.1.3)
    ffi (1.9.3-java)
    github-markdown (0.5.3)
    httpclient (2.3.4.1)
    i18n (0.6.5)
    kramdown (1.2.0)
    linecache (0.46)
      rbx-require-relative (> 0.0.4)
    linecache19 (0.5.12)
      ruby_core_source (>= 0.1.4)
    lorax (0.2.0)
      nokogiri (>= 1.4.0)
    method_source (0.8.2)
    multi_json (1.0.3)
    nokogiri (1.5.0)
    nokogiri (1.5.0-java)
    patron (0.4.18)
    pry (0.9.12.2)
      coderay (~> 1.0.5)
      method_source (~> 0.8)
      slop (~> 3.4)
    pry (0.9.12.2-java)
      coderay (~> 1.0.5)
      method_source (~> 0.8)
      slop (~> 3.4)
      spoon (~> 0.0)
    pygments.rb (0.3.2)
      posix-spawn (~> 0.3.6)
      yajl-ruby (~> 1.1.0)
    rack (1.5.2)
    rake (0.9.2)
    rbx-require-relative (0.0.9)
    rdoc (3.9.4)
    rspec (2.9.0)
      rspec-core (~> 2.9.0)
      rspec-expectations (~> 2.9.0)
      rspec-mocks (~> 2.9.0)
    rspec-core (2.9.0)
    rspec-expectations (2.9.1)
      diff-lcs (~> 1.1.3)
    rspec-mocks (2.9.0)
    ruby-debug (0.10.4)
      columnize (>= 0.1)
      ruby-debug-base (~> 0.10.4.0)
    ruby-debug-base (0.10.4)
      linecache (>= 0.3)
    ruby-debug-base19 (0.11.25)
      columnize (>= 0.3.1)
      linecache19 (>= 0.5.11)
      ruby_core_source (>= 0.1.4)
    ruby-debug19 (0.11.6)
      columnize (>= 0.3.1)
      linecache19 (>= 0.5.11)
      ruby-debug-base19 (>= 0.11.19)
    ruby_core_source (0.1.5)
      archive-tar-minitar (>= 0.5.2)
    safe_yaml (0.9.7)
    slop (3.4.6)
    spoon (0.0.4)
      ffi
    webmock (1.15.0)
      addressable (>= 2.2.7)
      crack (>= 0.3.2)
    yajl-ruby (1.1.0)

PLATFORMS
  java
  ruby

DEPENDENCIES
  activesupport (~> 3.1.0)
  almodovar!
  coderay
  github-markdown
  httpclient
  kramdown
  lorax
  patron
  pry
  pygments.rb
  rack
  rake
  rdoc
  rspec
  ruby-debug
  ruby-debug19
  webmock
