PATH
  remote: .
  specs:
    almodovar (1.5.5)
      activesupport
      builder
      httpclient (~> 2.5)
      i18n
      json
      nokogiri

GEM
  remote: https://rubygems.org/
  specs:
    activesupport (4.2.10)
      i18n (~> 0.7)
      minitest (~> 5.1)
      thread_safe (~> 0.3, >= 0.3.4)
      tzinfo (~> 1.1)
    addressable (2.3.5)
    builder (3.2.3)
    crack (0.4.2)
      safe_yaml (~> 1.0.0)
    diff-lcs (1.2.5)
    httpclient (2.8.3)
    i18n (0.8.1)
    json (1.8.3)
    lorax (0.2.0)
      nokogiri (>= 1.4.0)
    minitest (5.10.3)
    nokogiri (1.5.11)
    rake (10.1.1)
    rdoc (4.1.1)
      json (~> 1.4)
    rspec (2.14.1)
      rspec-core (~> 2.14.0)
      rspec-expectations (~> 2.14.0)
      rspec-mocks (~> 2.14.0)
    rspec-core (2.14.7)
    rspec-expectations (2.14.5)
      diff-lcs (>= 1.1.3, < 2.0)
    rspec-mocks (2.14.5)
    safe_yaml (1.0.4)
    thread_safe (0.3.6)
    tzinfo (1.2.4)
      thread_safe (~> 0.1)
    webmock (1.17.2)
      addressable (>= 2.2.7)
      crack (>= 0.3.2)

PLATFORMS
  ruby

DEPENDENCIES
  activesupport (>= 3.1.0)
  almodovar!
  lorax
  nokogiri (~> 1.5.10)
  rake
  rdoc
  rspec
  safe_yaml (>= 1.0.4)
  webmock

BUNDLED WITH
   1.16.0.pre.2
